GEM
  remote: https://rubygems.org/
  specs:
    addressable (2.3.8)
    archive-zip (0.7.0)
      io-like (~> 0.3.0)
    awesome_print (1.6.1)
    builder (3.2.2)
    childprocess (0.5.9)
      ffi (~> 1.0, >= 1.0.11)
    chromedriver-helper (1.0.0)
      archive-zip (~> 0.7.0)
      nokogiri (~> 1.6)
    chronic (0.10.2)
    cucumber (2.3.3)
      builder (>= 2.1.2)
      cucumber-core (~> 1.4.0)
      cucumber-wire (~> 0.0.1)
      diff-lcs (>= 1.1.3)
      gherkin (~> 3.2.0)
      multi_json (>= 1.7.5, < 2.0)
      multi_test (>= 0.1.2)
    cucumber-core (1.4.0)
      gherkin (~> 3.2.0)
    cucumber-wire (0.0.1)
    data_magic (0.22)
      faker (>= 1.1.2)
      yml_reader (>= 0.6)
    diff-lcs (1.2.5)
    diffy (3.1.0)
    domain_name (0.5.20160310)
      unf (>= 0.0.5, < 1.0.0)
    faker (1.6.3)
      i18n (~> 0.5)
    ffi (1.9.10)
    ffi (1.9.10-x86-mingw32)
    gherkin (3.2.0)
    headless (2.2.3)
    http-cookie (1.0.2)
      domain_name (~> 0.5)
    i18n (0.7.0)
    io-like (0.3.0)
    json-schema (2.6.2)
      addressable (~> 2.3.8)
    jsonpath (0.5.8)
      multi_json
    mime-types (2.99.2)
    mini_magick (4.5.1)
    mini_portile2 (2.4.0)
    minitest (5.4.3)
    multi_json (1.12.1)
    multi_test (0.1.2)
    net-http-persistent (2.9.4)
    net-sftp (2.1.2)
      net-ssh (>= 2.6.5)
    net-ssh (3.1.1)
    netrc (0.11.0)
    nokogiri (1.10.4)
      mini_portile2 (~> 2.4.0)
    nokogiri (1.10.4-x86-mingw32)
      mini_portile2 (~> 2.4.0)
    page-object (1.1.1)
      page_navigation (>= 0.9)
      selenium-webdriver (>= 2.44.0)
      watir-webdriver (>= 0.6.11)
    page_navigation (0.9)
      data_magic (>= 0.14)
    rake (11.1.2)
    rest-client (1.8.0)
      http-cookie (>= 1.0.2, < 2.0)
      mime-types (>= 1.16, < 3.0)
      netrc (~> 0.7)
    rest-client (1.8.0-x86-mingw32)
      ffi (~> 1.9)
      http-cookie (>= 1.0.2, < 2.0)
      mime-types (>= 1.16, < 3.0)
      netrc (~> 0.7)
    rspec (3.4.0)
      rspec-core (~> 3.4.0)
      rspec-expectations (~> 3.4.0)
      rspec-mocks (~> 3.4.0)
    rspec-core (3.4.4)
      rspec-support (~> 3.4.0)
    rspec-expectations (3.4.0)
      diff-lcs (>= 1.2.0, < 2.0)
      rspec-support (~> 3.4.0)
    rspec-mocks (3.4.1)
      diff-lcs (>= 1.2.0, < 2.0)
      rspec-support (~> 3.4.0)
    rspec-support (3.4.1)
    rubyzip (1.2.0)
    selenium-webdriver (2.53.0)
      childprocess (~> 0.5)
      rubyzip (~> 1.0)
      websocket (~> 1.0)
    syntax (1.2.0)
    unf (0.1.4)
      unf_ext
    unf_ext (0.0.7.2)
    unf_ext (0.0.7.2-x86-mingw32)
    unicode_utils (1.4.0)
    watir-webdriver (0.9.1)
      selenium-webdriver (>= 2.46.2)
    watir-webdriver-performance (0.2.4)
      watir-webdriver
    websocket (1.2.3)
    yml_reader (0.7)

PLATFORMS
  ruby
  x86-mingw32

DEPENDENCIES
  awesome_print
  chromedriver-helper
  chronic
  cucumber
  diffy
  headless
  json-schema
  jsonpath
  mini_magick
  minitest
  net-http-persistent
  net-sftp
  net-ssh
  nokogiri
  page-object
  rake
  rest-client
  rspec
  syntax
  unicode_utils
  watir-webdriver
  watir-webdriver-performance

BUNDLED WITH
   1.12.4
